PATH
  remote: .
  specs:
    omniauth-tripit (0.0.1)
      omniauth
      omniauth-oauth

GEM
  remote: http://rubygems.org/
  specs:
    diff-lcs (1.2.4)
    hashie (2.0.5)
    multi_json (1.7.6)
    oauth (0.4.7)
    omniauth (1.1.4)
      hashie (>= 1.2, < 3)
      rack
    omniauth-oauth (1.0.1)
      oauth
      omniauth (~> 1.0)
    rack (3.0.9.1)
    rspec (2.13.0)
      rspec-core (~> 2.13.0)
      rspec-expectations (~> 2.13.0)
      rspec-mocks (~> 2.13.0)
    rspec-core (2.13.1)
    rspec-expectations (2.13.0)
      diff-lcs (>= 1.1.3, < 2.0)
    rspec-mocks (2.13.1)
    simplecov (0.7.1)
      multi_json (~> 1.0)
      simplecov-html (~> 0.7.1)
    simplecov-html (0.7.1)

PLATFORMS
  ruby

DEPENDENCIES
  omniauth-tripit!
  rspec
  simplecov
